GEM
  remote: https://rubygems.org/
  specs:
    activesupport (4.2.0)
      i18n (~> 0.7)
      json (~> 1.7, >= 1.7.7)
      minitest (~> 5.1)
      thread_safe (~> 0.3, >= 0.3.4)
      tzinfo (~> 1.1)
    business_time (0.7.3)
      activesupport (>= 3.1.0)
      tzinfo
    haml (4.0.6)
      tilt
    i18n (0.7.0)
    icalendar (2.2.2)
    json (1.8.2)
    minitest (5.5.1)
    newrelic_rpm (3.11.1.284)
    puma (2.11.1)
      rack (>= 1.1, < 2.0)
    rack (1.6.0)
    rack-protection (1.5.3)
      rack
    sinatra (1.4.5)
      rack (~> 1.4)
      rack-protection (~> 1.4)
      tilt (~> 1.3, >= 1.3.4)
    thread_safe (0.3.4)
    tilt (1.4.1)
    tzinfo (1.2.2)
      thread_safe (~> 0.1)

PLATFORMS
  ruby

DEPENDENCIES
  activesupport
  business_time
  haml
  i18n
  icalendar (~> 2.2.2)
  newrelic_rpm
  puma
  sinatra
